GEM
  remote: http://rubygems.org/
  specs:
    bson (1.5.2)
    json (1.6.5)
    liquid (2.3.0)
    mongo (1.5.2)
      bson (= 1.5.2)
    rack (1.1.0)
    sinatra (1.2.8)
      rack (~> 1.1)
      tilt (>= 1.2.2, < 2.0)
    tilt (1.3.3)

PLATFORMS
  ruby

DEPENDENCIES
  json
  liquid
  mongo
  rack (= 1.1)
  sinatra
