GEM
  remote: http://rubygems.org/
  specs:
    json (1.6.5)
    liquid (2.3.0)
    rack (1.1.0)
    sinatra (1.2.8)
      rack (~> 1.1)
      tilt (>= 1.2.2, < 2.0)
    tilt (1.3.3)

PLATFORMS
  ruby

DEPENDENCIES
  json
  liquid
  rack (= 1.1)
  sinatra
