GEM
  remote: http://rubygems.org/
  specs:
    addressable (2.2.7)
    bson (1.5.2)
    bson_ext (1.5.2)
      bson (= 1.5.2)
    faraday (0.7.6)
      addressable (~> 2.2)
      multipart-post (~> 1.1)
      rack (~> 1.1)
    json (1.6.5)
    liquid (2.3.0)
    mime-types (1.17.2)
    mongo (1.5.2)
      bson (= 1.5.2)
    multi_json (1.1.0)
    multipart-post (1.1.5)
    oauth2 (0.5.2)
      faraday (~> 0.7)
      multi_json (~> 1.0)
    rack (1.1.0)
    rest-client (1.6.7)
      mime-types (>= 1.16)
    sinatra (1.2.8)
      rack (~> 1.1)
      tilt (>= 1.2.2, < 2.0)
    sinatra_auth_github (0.3.1)
      rest-client (~> 1.6.1)
      sinatra (~> 1.0)
      warden-github (~> 0.3.0)
      yajl-ruby (~> 1.1)
    tilt (1.3.3)
    warden (1.1.1)
      rack (>= 1.0)
    warden-github (0.3.1)
      json (~> 1.5)
      oauth2 (~> 0.5.2)
      warden (~> 1.0)
    yajl-ruby (1.1.0)

PLATFORMS
  ruby

DEPENDENCIES
  bson_ext
  json
  liquid
  mongo
  rack (= 1.1)
  sinatra
  sinatra_auth_github
